GEM
  remote: https://rubygems.org/
  specs:
    iconv (1.0.8)

PLATFORMS
  ruby

DEPENDENCIES
  iconv

BUNDLED WITH
   1.17.3
